GEM
  remote: https://rubygems.org/
  specs:
    colorize (0.7.5)
    mysql (2.9.1)

PLATFORMS
  ruby

DEPENDENCIES
  colorize
  mysql
